GEM
  remote: http://rubygems.org/
  specs:
    actionmailer (2.3.14)
      actionpack (= 2.3.14)
    actionpack (2.3.14)
      activesupport (= 2.3.14)
      rack (~> 1.1.0)
    activerecord (2.3.14)
      activesupport (= 2.3.14)
    activeresource (2.3.14)
      activesupport (= 2.3.14)
    activesupport (2.3.14)
    authlogic (2.1.6)
      activesupport
    cgi_multipart_eof_fix (2.5.0)
    daemons (1.1.5)
    faker (0.3.1)
    fastthread (1.0.7)
    gem_plugin (0.2.3)
    haml (2.2.24)
    jrails (0.6.0)
    machinist (1.0.6)
    mongrel (1.1.5)
      cgi_multipart_eof_fix (>= 2.4)
      daemons (>= 1.0.3)
      fastthread (>= 1.0.1)
      gem_plugin (>= 0.2.3)
    mysql (2.8.1)
    pg (0.12.2)
    rack (1.1.3)
    rack-openid (0.2.3)
      rack (>= 0.4)
      ruby-openid (>= 2.1.6)
    rails (2.3.14)
      actionmailer (= 2.3.14)
      actionpack (= 2.3.14)
      activerecord (= 2.3.14)
      activeresource (= 2.3.14)
      activesupport (= 2.3.14)
      rake (>= 0.8.3)
    rake (0.9.2.2)
    rdiscount (1.6.8)
    rspec (1.3.2)
    rspec-rails (1.3.4)
      rack (>= 1.0.0)
      rspec (~> 1.3.1)
    ruby-openid (2.1.8)
    simple-navigation (2.5.4)
    sqlite3 (1.3.5)
    sqlite3-ruby (1.3.3)
      sqlite3 (>= 1.3.3)
    will_paginate (2.3.16)

PLATFORMS
  ruby

DEPENDENCIES
  authlogic (~> 2.1.6)
  faker (~> 0.3.1)
  haml (~> 2.2.24)
  jrails (~> 0.6)
  machinist (~> 1.0.6)
  mongrel
  mysql
  pg
  rack-openid (~> 0.2.1)
  rails (= 2.3.14)
  rdiscount
  rspec (~> 1.3.0)
  rspec-rails (~> 1.3.2)
  simple-navigation (~> 2.5.3)
  sqlite3-ruby
  will_paginate (~> 2.3.11)
